GEM
  remote: https://rubygems.org/
  specs:
    coderay (1.0.9)
    em-websocket (0.5.0)
      eventmachine (>= 0.12.9)
      http_parser.rb (~> 0.5.3)
    erubis (2.7.0)
    eventmachine (1.0.3)
    eventmachine_httpserver (0.2.1)
    ffi (1.9.0)
    ffi-swig-generator (0.3.2)
      nokogiri (>= 1.3.1)
      rake (>= 0.8.7)
    ffi-tox (0.1.0)
      ffi (>= 1.9.0)
      ffi-swig-generator (>= 0.3.2)
    gir_ffi (0.6.4)
      ffi (~> 1.8)
      indentation (~> 0.0.6)
    gir_ffi-gtk (0.6.0)
      gir_ffi (~> 0.6.0)
    http_parser.rb (0.5.3)
    indentation (0.0.7)
    interception (0.3)
    json (1.8.0)
    method_source (0.8.2)
    mini_portile (0.5.1)
    multi_json (1.7.7)
    nokogiri (1.6.0)
      mini_portile (~> 0.5.0)
    pry (0.9.12.2)
      coderay (~> 1.0.5)
      method_source (~> 0.8)
      slop (~> 3.4)
    pry-rescue (1.1.1)
      interception (>= 0.3)
      pry
    rake (10.1.0)
    slop (3.4.6)

PLATFORMS
  ruby

DEPENDENCIES
  em-websocket
  erubis
  eventmachine
  eventmachine_httpserver
  ffi-tox
  gir_ffi-gtk
  json
  multi_json
  pry
  pry-rescue
